GEM
  remote: http://rubygems.org/
  specs:
    addressable (2.3.2)
    coffee-script (2.2.0)
      coffee-script-source
      execjs
    coffee-script-source (1.4.0)
    cuba (3.1.0)
      rack
    cuba-contrib (3.1.0)
      cuba (~> 3.1)
    execjs (1.4.0)
      multi_json (~> 1.0)
    fileutils (0.7)
      rmagick (>= 2.13.1)
    launchy (2.1.2)
      addressable (~> 2.3)
    multi_json (1.5.0)
    rack (1.4.1)
    rmagick (2.13.1)
    sass (3.2.3)
    tilt (1.3.3)

PLATFORMS
  ruby

DEPENDENCIES
  coffee-script
  cuba
  cuba-contrib
  fileutils
  launchy
  sass
  tilt
