GEM
  remote: https://rubygems.org/
  specs:
    addressable (2.3.7)
    coffee-script (2.3.0)
      coffee-script-source
      execjs
    coffee-script-source (1.9.1)
    cuba (3.4.0)
      rack
    cuba-contrib (3.1.0)
      cuba (~> 3.1)
    execjs (2.4.0)
    fileutils (0.7)
      rmagick (>= 2.13.1)
    launchy (2.4.3)
      addressable (~> 2.3)
    rack (1.6.0)
    rmagick (2.13.4)
    sass (3.4.13)
    slim (3.0.2)
      temple (~> 0.7.3)
      tilt (>= 1.3.3, < 2.1)
    temple (0.7.5)
    tilt (2.0.1)

PLATFORMS
  ruby

DEPENDENCIES
  coffee-script
  cuba
  cuba-contrib
  fileutils
  launchy
  sass
  slim
  tilt
